PATH
  remote: .
  specs:
    cfn_monitor (0.4.2)
      aws-sdk-cloudformation (~> 1, < 2)
      aws-sdk-elasticloadbalancingv2 (~> 1, < 2)
      aws-sdk-s3 (~> 1, < 2)
      cfndsl (~> 0.16, < 0.17.1)
      thor (~> 0.19)

GEM
  remote: https://rubygems.org/
  specs:
    aws-eventstream (1.0.3)
    aws-partitions (1.196.0)
    aws-sdk-cloudformation (1.25.0)
      aws-sdk-core (~> 3, >= 3.61.1)
      aws-sigv4 (~> 1.1)
    aws-sdk-core (3.62.0)
      aws-eventstream (~> 1.0, >= 1.0.2)
      aws-partitions (~> 1.0)
      aws-sigv4 (~> 1.1)
      jmespath (~> 1.0)
    aws-sdk-elasticloadbalancingv2 (1.33.0)
      aws-sdk-core (~> 3, >= 3.61.1)
      aws-sigv4 (~> 1.1)
    aws-sdk-kms (1.24.0)
      aws-sdk-core (~> 3, >= 3.61.1)
      aws-sigv4 (~> 1.1)
    aws-sdk-s3 (1.46.0)
      aws-sdk-core (~> 3, >= 3.61.1)
      aws-sdk-kms (~> 1)
      aws-sigv4 (~> 1.1)
    aws-sigv4 (1.1.0)
      aws-eventstream (~> 1.0, >= 1.0.2)
    cfndsl (0.17.0)
    diff-lcs (1.3)
    jmespath (1.6.1)
    rake (13.0.1)
    rspec (0.9.4)
    rspec-core (3.8.2)
      rspec-support (~> 3.8.0)
    rspec-expectations (3.8.4)
      diff-lcs (>= 1.2.0, < 2.0)
      rspec-support (~> 3.8.0)
    rspec-mocks (3.8.1)
      diff-lcs (>= 1.2.0, < 2.0)
      rspec-support (~> 3.8.0)
    rspec-support (3.8.2)
    thor (0.20.3)

PLATFORMS
  ruby

DEPENDENCIES
  bundler (~> 2)
  cfn_monitor!
  rake (~> 13.0)
  rspec (~> 0.9)
  rspec-core (~> 3.8)
  rspec-expectations (~> 3.8)
  rspec-mocks (~> 3.8)

BUNDLED WITH
   2.0.1
